GEM
  remote: https://rubygems.org/
  specs:
    activemodel (3.2.13)
      activesupport (= 3.2.13)
      builder (~> 3.0.0)
    activerecord (3.2.13)
      activemodel (= 3.2.13)
      activesupport (= 3.2.13)
      arel (~> 3.0.2)
      tzinfo (~> 0.3.29)
    activesupport (3.2.13)
      i18n (= 0.6.1)
      multi_json (~> 1.0)
    arel (3.0.2)
    blankslate (3.1.2)
    builder (3.0.4)
    ffi (1.8.1)
    ffi (1.8.1-x86-mingw32)
    i18n (0.6.1)
    multi_json (1.7.3)
    rubypython (0.6.3)
      blankslate (>= 2.1.2.3)
      ffi (>= 1.0.7)
    sqlite3 (1.3.7)
    sqlite3 (1.3.7-x86-mingw32)
    tzinfo (0.3.37)

PLATFORMS
  ruby
  x86-mingw32

DEPENDENCIES
  activerecord
  rubypython
  sqlite3
